PATH
  remote: .
  specs:
    redisarray (0.0.1)
      redis (~> 2.2.2)

GEM
  remote: http://rubygems.org/
  specs:
    diff-lcs (1.1.3)
    rake (0.9.2.2)
    redis (2.2.2)
    rspec (2.7.0)
      rspec-core (~> 2.7.0)
      rspec-expectations (~> 2.7.0)
      rspec-mocks (~> 2.7.0)
    rspec-core (2.7.1)
    rspec-expectations (2.7.0)
      diff-lcs (~> 1.1.2)
    rspec-mocks (2.7.0)

PLATFORMS
  ruby
  x86-mingw32

DEPENDENCIES
  rake (~> 0.9)
  redisarray!
  rspec (~> 2.7.0)
